GEM
  remote: https://rubygems.org/
  specs:
    mini_portile2 (2.4.0)
    nokogiri (1.10.8)
      mini_portile2 (~> 2.4.0)
    nokogumbo (2.0.2)
      nokogiri (~> 1.8, >= 1.8.4)

PLATFORMS
  ruby

DEPENDENCIES
  nokogumbo

BUNDLED WITH
   2.0.2
