GEM
  remote: https://rubygems.org/
  specs:
    mini_portile2 (2.8.1)
    nokogiri (1.14.3)
      mini_portile2 (~> 2.8.0)
      racc (~> 1.4)
    nokogumbo (2.0.2)
      nokogiri (~> 1.8, >= 1.8.4)
    racc (1.6.2)

PLATFORMS
  ruby

DEPENDENCIES
  nokogumbo

BUNDLED WITH
   2.0.2
